GEM
  remote: https://rubygems.org/
  specs:
    kgio (2.11.3)
    prometheus-client (2.0.0)
    rack (2.2.3)
    raindrops (0.19.1)
    unicorn (5.5.3)
      kgio (~> 2.6)
      raindrops (~> 0.7)

PLATFORMS
  ruby

DEPENDENCIES
  prometheus-client
  rack
  unicorn

BUNDLED WITH
   1.17.1
